GEM
  remote: https://rubygems.org/
  specs:
    concurrent-ruby (1.2.2)
    faker (3.2.1)
      i18n (>= 1.8.11, < 2)
    i18n (1.14.1)
      concurrent-ruby (~> 1.0)
    thor (1.3.0)

PLATFORMS
  x86_64-darwin-21

DEPENDENCIES
  faker
  thor

RUBY VERSION
   ruby 3.2.2p53

BUNDLED WITH
   2.4.19
